GEM
  remote: http://rubygems.org/
  specs:
    eventmachine (0.12.10)
    eventmachine (0.12.10-java)
    json (1.5.3)
    json (1.5.3-java)
    osc-ruby (0.7.0)
    rack (1.3.2)
    ruby-processing (1.0.9)
    shotgun (0.9)
      rack (>= 1.0)
    sinatra (1.2.6)
      rack (~> 1.1)
      tilt (>= 1.2.2, < 2.0)
    tilt (1.3.2)

PLATFORMS
  java
  ruby

DEPENDENCIES
  eventmachine
  json
  osc-ruby
  ruby-processing
  shotgun
  sinatra
